GEM
  remote: https://rubygems.org/
  specs:
    active-fedora (6.8.0)
      activesupport (>= 3)
      deprecation
      mediashelf-loggable
      nom-xml (>= 0.5.1)
      om (~> 3.0)
      rdf (~> 1.1, >= 1.1.1.1)
      rdf-rdfxml (~> 1.1)
      rsolr
      rubydora (~> 1.6, >= 1.6.5)
    activemodel (5.0.0.1)
      activesupport (= 5.0.0.1)
    activesupport (5.0.0.1)
      concurrent-ruby (~> 1.0, >= 1.0.2)
      i18n (~> 0.7)
      minitest (~> 5.1)
      tzinfo (~> 1.1)
    airbrussh (1.1.1)
      sshkit (>= 1.6.1, != 1.7.0)
    assembly-image (1.6.9)
      assembly-objectfile (>= 1.6.4)
      mini_exiftool (>= 1.6, < 3)
      uuidtools
    assembly-objectfile (1.6.8)
      mime-types
      mini_exiftool
      nokogiri
    awesome_print (1.7.0)
    bagit (0.3.2)
      docopt (~> 0.5.0)
      validatable (~> 1.6)
    binding_of_caller (0.7.2)
      debug_inspector (>= 0.0.1)
    bluepill (0.0.64)
      activesupport (>= 3.0.0)
      daemons (~> 1.1.4)
      i18n (>= 0.5.0)
      state_machine (~> 1.1)
    builder (3.2.2)
    bundler-audit (0.5.0)
      bundler (~> 1.2)
      thor (~> 0.18)
    capistrano (3.6.1)
      airbrussh (>= 1.0.0)
      capistrano-harrow
      i18n
      rake (>= 10.0.0)
      sshkit (>= 1.9.0)
    capistrano-bundle_audit (0.2.1)
      bundler-audit (~> 0.5)
      capistrano (~> 3.0)
    capistrano-bundler (1.2.0)
      capistrano (~> 3.1)
      sshkit (~> 1.2)
    capistrano-harrow (0.5.3)
    capistrano-one_time_key (0.0.1)
      capistrano (~> 3.0)
    capistrano-releaseboard (0.0.1)
      faraday
    capistrano-rvm (0.1.2)
      capistrano (~> 3.0)
      sshkit (~> 1.2)
    capistrano-shared_configs (0.1.1)
    chronic (0.10.2)
    coderay (1.1.1)
    columnize (0.9.0)
    concurrent-ruby (1.0.2)
    confstruct (0.2.7)
    daemons (1.1.9)
    debug_inspector (0.0.2)
    debugger (1.6.8)
      columnize (>= 0.3.1)
      debugger-linecache (~> 1.2.0)
      debugger-ruby_core_source (~> 1.3.5)
    debugger-linecache (1.2.0)
    debugger-ruby_core_source (1.3.8)
    deprecation (1.0.0)
      activesupport
    diff-lcs (1.2.5)
    dlss-capistrano (3.4.0)
      capistrano (~> 3.0)
      capistrano-bundle_audit (>= 0.1.0)
      capistrano-one_time_key
      capistrano-releaseboard
      capistrano-shared_configs
    docopt (0.5.0)
    domain_name (0.5.20160826)
      unf (>= 0.0.5, < 1.0.0)
    dor-rights-auth (1.2.0)
      nokogiri
    dor-services (5.12.0)
      active-fedora (~> 6.0)
      activesupport (>= 3.2.18)
      confstruct (~> 0.2.7)
      dor-rights-auth (~> 1.0, >= 1.2.0)
      dor-workflow-service (~> 2.0, >= 2.0.1)
      druid-tools (~> 0.4, >= 0.4.1)
      equivalent-xml (~> 0.5, >= 0.5.1)
      json (>= 1.8.1)
      lyber-utils (~> 0.1.2)
      moab-versioning (~> 2.0)
      modsulator (>= 0.0.7, < 2)
      net-sftp (~> 2.1)
      nokogiri (~> 1.6)
      om (~> 3.0)
      rdf (~> 1.1, >= 1.1.7)
      rest-client (>= 1.7, < 3)
      retries
      rsolr-ext (~> 1.0.3)
      ruby-cache (~> 0.3.0)
      ruby-graphviz
      rubydora (~> 1.6, >= 1.6.5)
      solrizer (~> 3.0)
      stanford-mods (>= 2.3.1)
      systemu (~> 2.6)
      uuidtools (~> 2.1.4)
    dor-workflow-service (2.1.0)
      activesupport (>= 3.2.1, < 6)
      confstruct (>= 0.2.7, < 2)
      faraday (~> 0.9.2)
      net-http-persistent (~> 2.9.4)
      nokogiri (~> 1.6.0)
      retries
    druid-tools (0.4.1)
    equivalent-xml (0.6.0)
      nokogiri (>= 1.4.3)
    faraday (0.9.2)
      multipart-post (>= 1.2, < 3)
    haml (4.0.7)
      tilt
    hooks (0.4.1)
      uber (~> 0.0.14)
    htmlentities (4.3.4)
    http-cookie (1.0.3)
      domain_name (~> 0.5)
    i18n (0.7.0)
    interception (0.5)
    iso-639 (0.2.8)
    json (2.0.2)
    link_header (0.0.8)
    lyber-core (4.0.3)
      activesupport
      dor-workflow-service (>= 1.7, < 3)
    lyber-utils (0.1.2)
      bagit (>= 0.1.0)
      nokogiri (>= 1.4.3.1)
      systemu (>= 1.2.0)
      validatable
    mediashelf-loggable (0.4.10)
    method_source (0.8.2)
    mime-types (3.1)
      mime-types-data (~> 3.2015)
    mime-types-data (3.2016.0521)
    mini_exiftool (2.8.0)
    mini_portile2 (2.1.0)
    minitest (5.9.1)
    moab-versioning (2.0.0)
      confstruct
      json
      nokogiri
      nokogiri-happymapper
      systemu
    mods (2.1.0)
      iso-639
      nokogiri
      nom-xml (~> 0.6.0)
    modsulator (1.0.1)
      activesupport (>= 3.0)
      equivalent-xml (>= 0.6.0)
      nokogiri
      roo (>= 1.1)
    mono_logger (1.1.0)
    multi_json (1.12.1)
    multipart-post (2.0.0)
    net-http-persistent (2.9.4)
    net-scp (1.2.1)
      net-ssh (>= 2.6.5)
    net-sftp (2.1.2)
      net-ssh (>= 2.6.5)
    net-ssh (3.2.0)
    netrc (0.11.0)
    nokogiri (1.6.8.1)
      mini_portile2 (~> 2.1.0)
    nokogiri-happymapper (0.5.9)
      nokogiri (~> 1.5)
    nom-xml (0.6.0)
      activesupport (>= 3.2.18)
      i18n
      nokogiri
    om (3.1.1)
      activemodel
      activesupport
      nokogiri (>= 1.4.2)
      solrizer (~> 3.3)
    pry (0.10.4)
      coderay (~> 1.1.0)
      method_source (~> 0.8.1)
      slop (~> 3.4)
    pry-debugger (0.2.3)
      debugger (~> 1.3)
      pry (>= 0.9.10, < 0.11.0)
    pry-rescue (1.4.4)
      interception (>= 0.5)
      pry
    pry-stack_explorer (0.4.9.2)
      binding_of_caller (>= 0.7)
      pry (>= 0.9.11)
    rack (1.6.4)
    rack-protection (1.5.3)
      rack
    rake (10.5.0)
    rdf (1.99.1)
      link_header (~> 0.0, >= 0.0.8)
    rdf-aggregate-repo (1.99.0)
      rdf (~> 1.99)
    rdf-rdfa (1.99.1)
      haml (~> 4.0)
      htmlentities (~> 4.3)
      rdf (~> 1.99)
      rdf-aggregate-repo (~> 1.1)
      rdf-xsd (~> 1.1)
    rdf-rdfxml (1.99.0)
      htmlentities (~> 4.3)
      rdf (~> 1.99)
      rdf-rdfa (~> 1.99)
      rdf-xsd (~> 1.99)
    rdf-xsd (1.99.0)
      rdf (~> 1.99)
    redis (3.3.1)
    redis-namespace (1.5.2)
      redis (~> 3.0, >= 3.0.4)
    resque (1.25.2)
      mono_logger (~> 1.0)
      multi_json (~> 1.0)
      redis-namespace (~> 1.3)
      sinatra (>= 0.9.2)
      vegas (~> 0.1.2)
    rest-client (2.0.0)
      http-cookie (>= 1.0.2, < 2.0)
      mime-types (>= 1.16, < 4.0)
      netrc (~> 0.8)
    retries (0.0.5)
    robot-controller (2.0.4)
      bluepill
      rake (~> 10.3)
      resque (~> 1.25.2)
      whenever (~> 0.9.2)
    roo (2.5.1)
      nokogiri (~> 1)
      rubyzip (~> 1.1, < 2.0.0)
    rsolr (1.1.2)
      builder (>= 2.1.2)
    rsolr-ext (1.0.3)
      rsolr (>= 1.0.2)
    rspec (3.5.0)
      rspec-core (~> 3.5.0)
      rspec-expectations (~> 3.5.0)
      rspec-mocks (~> 3.5.0)
    rspec-core (3.5.4)
      rspec-support (~> 3.5.0)
    rspec-expectations (3.5.0)
      diff-lcs (>= 1.2.0, < 2.0)
      rspec-support (~> 3.5.0)
    rspec-mocks (3.5.0)
      diff-lcs (>= 1.2.0, < 2.0)
      rspec-support (~> 3.5.0)
    rspec-support (3.5.0)
    ruby-cache (0.3.0)
    ruby-graphviz (1.2.2)
    rubydora (1.9.0)
      activemodel
      activesupport
      deprecation
      equivalent-xml
      hooks (~> 0.3)
      mime-types
      nokogiri
      rest-client
    rubyzip (1.2.0)
    sinatra (1.4.7)
      rack (~> 1.5)
      rack-protection (~> 1.4)
      tilt (>= 1.3, < 3)
    slop (3.6.0)
    solrizer (3.4.0)
      activesupport
      daemons
      nokogiri
      stomp
      xml-simple
    sshkit (1.11.3)
      net-scp (>= 1.1.2)
      net-ssh (>= 2.8.0)
    stanford-mods (2.3.1)
      activesupport
      mods (~> 2.0, >= 2.0.2)
    state_machine (1.2.0)
    stomp (1.4.3)
    systemu (2.6.5)
    thor (0.19.1)
    thread_safe (0.3.5)
    tilt (2.0.5)
    tzinfo (1.2.2)
      thread_safe (~> 0.1)
    uber (0.0.15)
    unf (0.1.4)
      unf_ext
    unf_ext (0.0.7.2)
    uuidtools (2.1.5)
    validatable (1.6.7)
    vegas (0.1.11)
      rack (>= 1.0.0)
    whenever (0.9.7)
      chronic (>= 0.6.3)
    xml-simple (1.1.5)
    yard (0.9.5)

PLATFORMS
  ruby

DEPENDENCIES
  assembly-image (>= 1.6.9)
  assembly-objectfile (>= 1.6.6)
  awesome_print
  capistrano (~> 3)
  capistrano-bundler
  capistrano-rvm
  dlss-capistrano (~> 3)
  dor-services (~> 5.5, >= 5.5.3)
  druid-tools
  equivalent-xml
  lyber-core (~> 4.0, >= 4.0.3)
  mini_exiftool (>= 1.6, < 3)
  nokogiri
  pry-debugger (~> 0.2.2)
  pry-rescue
  pry-stack_explorer
  rake
  resque
  rest-client (>= 1.8)
  robot-controller (~> 2.0)
  rspec (~> 3.4)
  slop
  yard

BUNDLED WITH
   1.13.6
